GEM
  remote: https://rubygems.org/
  specs:
    builder (3.2.2)
    json (1.8.3)
    jwt (1.5.3)
    multi_json (1.11.2)
    twilio-ruby (4.11.1)
      builder (>= 2.1.2)
      jwt (~> 1.0)
      multi_json (>= 1.3.0)

PLATFORMS
  ruby

DEPENDENCIES
  json
  twilio-ruby

BUNDLED WITH
   1.10.6
